GEM
  remote: http://rubygems.org/
  specs:
    addressable (2.2.5)
    bcrypt-ruby (2.1.4)
    bcrypt-ruby (2.1.4-x86-mingw32)
    configuration (1.2.0)
    data_mapper (1.1.0)
      dm-aggregates (= 1.1.0)
      dm-constraints (= 1.1.0)
      dm-core (= 1.1.0)
      dm-migrations (= 1.1.0)
      dm-serializer (= 1.1.0)
      dm-timestamps (= 1.1.0)
      dm-transactions (= 1.1.0)
      dm-types (= 1.1.0)
      dm-validations (= 1.1.0)
    data_objects (0.10.3)
      addressable (~> 2.1)
    dm-aggregates (1.1.0)
      dm-core (~> 1.1.0)
    dm-constraints (1.1.0)
      dm-core (~> 1.1.0)
    dm-core (1.1.0)
      addressable (~> 2.2.4)
    dm-do-adapter (1.1.0)
      data_objects (~> 0.10.2)
      dm-core (~> 1.1.0)
    dm-migrations (1.1.0)
      dm-core (~> 1.1.0)
    dm-postgres-adapter (1.1.0)
      dm-do-adapter (~> 1.1.0)
      do_postgres (~> 0.10.2)
    dm-serializer (1.1.0)
      dm-core (~> 1.1.0)
      fastercsv (~> 1.5.4)
      json (~> 1.4.6)
    dm-sqlite-adapter (1.1.0)
      dm-do-adapter (~> 1.1.0)
      do_sqlite3 (~> 0.10.2)
    dm-timestamps (1.1.0)
      dm-core (~> 1.1.0)
    dm-transactions (1.1.0)
      dm-core (~> 1.1.0)
    dm-types (1.1.0)
      bcrypt-ruby (~> 2.1.4)
      dm-core (~> 1.1.0)
      fastercsv (~> 1.5.4)
      json (~> 1.4.6)
      stringex (~> 1.2.0)
      uuidtools (~> 2.1.2)
    dm-validations (1.1.0)
      dm-core (~> 1.1.0)
    do_postgres (0.10.3)
      data_objects (= 0.10.3)
    do_postgres (0.10.3-x86-mingw32)
      data_objects (= 0.10.3)
    do_sqlite3 (0.10.3)
      data_objects (= 0.10.3)
    do_sqlite3 (0.10.3-x86-mingw32)
      data_objects (= 0.10.3)
    fastercsv (1.5.4)
    heroku (1.20.1)
      launchy (~> 0.3.2)
      rest-client (< 1.7.0, >= 1.4.0)
    json (1.4.6)
    json (1.4.6-x86-mingw32)
    launchy (0.3.7)
      configuration (>= 0.0.5)
      rake (>= 0.8.1)
    mime-types (1.16)
    rack (1.2.2)
    rack-flash (0.1.1)
      rack
    rake (0.8.7)
    rest-client (1.6.1)
      mime-types (>= 1.16)
    sinatra (1.2.3)
      rack (~> 1.1)
      tilt (< 2.0, >= 1.2.2)
    stringex (1.2.1)
    tilt (1.2.2)
    uuidtools (2.1.2)

PLATFORMS
  ruby
  x86-mingw32

DEPENDENCIES
  data_mapper
  dm-postgres-adapter
  dm-sqlite-adapter
  heroku
  rack-flash
  sinatra
